PATH
  remote: .
  specs:
    undies (1.2.0)

GEM
  remote: http://rubygems.org/
  specs:
    ansi (1.4.1)
    assert (0.7.2)
      assert-view (~> 0.4)
    assert-view (0.4.2)
      ansi (~> 1.3)
      undies (~> 1.1)
    rake (0.9.2)
    ruby-prof (0.10.8)

PLATFORMS
  ruby

DEPENDENCIES
  assert (~> 0.7)
  bundler (~> 1.0)
  rake (~> 0.9.2)
  ruby-prof
  undies!
