PATH
  remote: .
  specs:
    undies (0.0.1)

GEM
  remote: http://rubygems.org/
  specs:
    leftright (0.9.1)
    rake (0.9.2)
    test-belt (1.1.2)
      leftright (~> 0.9.0)

PLATFORMS
  ruby

DEPENDENCIES
  bundler (~> 1.0)
  rake (~> 0.9.2)
  test-belt (~> 1.1.0)
  undies!
